GIT
  remote: git://github.com/nning/coap.git
  revision: a112dc7b12eae4813285389d0535ef99f88c8e87
  specs:
    coap (0.0.17.dev)
      celluloid-io (~> 0.16, >= 0.16.1)
      resolv-ipv6favor (~> 0)

PATH
  remote: .
  specs:
    david (0.3.0.pre)
      cbor (~> 0.5)
      celluloid-io (~> 0.16, >= 0.16.1)
      coap (~> 0, >= 0.0.17.dev)
      rack (~> 1.5)

GEM
  remote: https://rubygems.org/
  specs:
    cbor (0.5.6.4)
    celluloid (0.16.0)
      timers (~> 4.0.0)
    celluloid-io (0.16.1)
      celluloid (>= 0.16.0)
      nio4r (>= 1.0.0)
    coveralls (0.7.1)
      multi_json (~> 1.3)
      rest-client
      simplecov (>= 0.7)
      term-ansicolor
      thor
    diff-lcs (1.2.5)
    docile (1.1.5)
    hitimes (1.2.2)
    hitimes (1.2.2-java)
    mime-types (2.4.3)
    multi_json (1.10.1)
    netrc (0.8.0)
    nio4r (1.0.1)
    nio4r (1.0.1-java)
    rack (1.5.2)
    rake (0.9.6)
    resolv-ipv6favor (0.0.0)
    rest-client (1.7.2)
      mime-types (>= 1.16, < 3.0)
      netrc (~> 0.7)
    rspec (3.1.0)
      rspec-core (~> 3.1.0)
      rspec-expectations (~> 3.1.0)
      rspec-mocks (~> 3.1.0)
    rspec-core (3.1.7)
      rspec-support (~> 3.1.0)
    rspec-expectations (3.1.2)
      diff-lcs (>= 1.2.0, < 2.0)
      rspec-support (~> 3.1.0)
    rspec-mocks (3.1.3)
      rspec-support (~> 3.1.0)
    rspec-support (3.1.2)
    simplecov (0.9.1)
      docile (~> 1.1.0)
      multi_json (~> 1.0)
      simplecov-html (~> 0.8.0)
    simplecov-html (0.8.0)
    term-ansicolor (1.3.0)
      tins (~> 1.0)
    thor (0.19.1)
    timers (4.0.1)
      hitimes
    tins (1.3.3)

PLATFORMS
  java
  ruby

DEPENDENCIES
  cbor
  coap (~> 0.0.17.dev)!
  coveralls
  david!
  rake (~> 0)
  rspec (~> 3.1)
