PATH
  remote: ../coap
  specs:
    coap (0.0.16.dev)
      celluloid-io (~> 0.16, >= 0.16.1)
      resolv-ipv6favor (~> 0)

GEM
  remote: https://rubygems.org/
  specs:
    cbor (0.5.6.4)
    celluloid (0.16.0)
      timers (~> 4.0.0)
    celluloid-io (0.16.1)
      celluloid (>= 0.16.0)
      nio4r (>= 1.0.0)
    diff-lcs (1.2.5)
    hitimes (1.2.2)
    hitimes (1.2.2-java)
    nio4r (1.0.1)
    nio4r (1.0.1-java)
    rack (1.5.2)
    rake (10.3.2)
    resolv-ipv6favor (0.0.0)
    rspec (3.1.0)
      rspec-core (~> 3.1.0)
      rspec-expectations (~> 3.1.0)
      rspec-mocks (~> 3.1.0)
    rspec-core (3.1.7)
      rspec-support (~> 3.1.0)
    rspec-expectations (3.1.2)
      diff-lcs (>= 1.2.0, < 2.0)
      rspec-support (~> 3.1.0)
    rspec-mocks (3.1.3)
      rspec-support (~> 3.1.0)
    rspec-support (3.1.2)
    timers (4.0.1)
      hitimes

PLATFORMS
  java
  ruby

DEPENDENCIES
  cbor
  celluloid
  celluloid-io
  coap (~> 0.0.16.dev)!
  rack
  rake
  rspec
