PATH
  remote: ../coap
  specs:
    coap (0.0.16)
      resolv-ipv6favor (~> 0)

GEM
  remote: https://rubygems.org/
  specs:
    cbor (0.5.6.4)
    celluloid (0.16.0)
      timers (~> 4.0.0)
    celluloid-io (0.16.0)
      celluloid (>= 0.16.0)
      nio4r (>= 1.0.0)
    diff-lcs (1.2.5)
    hitimes (1.2.2)
    nio4r (1.0.1)
    rack (1.5.2)
    rake (10.3.2)
    resolv-ipv6favor (0.0.0)
    rspec (3.1.0)
      rspec-core (~> 3.1.0)
      rspec-expectations (~> 3.1.0)
      rspec-mocks (~> 3.1.0)
    rspec-core (3.1.2)
      rspec-support (~> 3.1.0)
    rspec-expectations (3.1.0)
      diff-lcs (>= 1.2.0, < 2.0)
      rspec-support (~> 3.1.0)
    rspec-mocks (3.1.0)
      rspec-support (~> 3.1.0)
    rspec-support (3.1.0)
    timers (4.0.1)
      hitimes

PLATFORMS
  ruby

DEPENDENCIES
  cbor
  celluloid
  celluloid-io
  coap!
  rack
  rake
  rspec
