GIT
  remote: git://github.com/nning/coap.git
  revision: 4d5d8c6fb0e7e218f8f66ab0310372fbd9221e03
  specs:
    coap (0.0.17.dev)
      celluloid-io (~> 0.16, >= 0.16.1)
      resolv-ipv6favor (~> 0)

GEM
  remote: https://rubygems.org/
  specs:
    cbor (0.5.6.4)
    celluloid (0.16.0)
      timers (~> 4.0.0)
    celluloid-io (0.16.1)
      celluloid (>= 0.16.0)
      nio4r (>= 1.0.0)
    coveralls (0.7.1)
      multi_json (~> 1.3)
      rest-client
      simplecov (>= 0.7)
      term-ansicolor
      thor
    diff-lcs (1.2.5)
    docile (1.1.5)
    hitimes (1.2.2)
    hitimes (1.2.2-java)
    mime-types (2.4.3)
    multi_json (1.10.1)
    netrc (0.8.0)
    nio4r (1.0.1)
    nio4r (1.0.1-java)
    rack (1.5.2)
    rake (10.3.2)
    resolv-ipv6favor (0.0.0)
    rest-client (1.7.2)
      mime-types (>= 1.16, < 3.0)
      netrc (~> 0.7)
    rspec (3.1.0)
      rspec-core (~> 3.1.0)
      rspec-expectations (~> 3.1.0)
      rspec-mocks (~> 3.1.0)
    rspec-core (3.1.7)
      rspec-support (~> 3.1.0)
    rspec-expectations (3.1.2)
      diff-lcs (>= 1.2.0, < 2.0)
      rspec-support (~> 3.1.0)
    rspec-mocks (3.1.3)
      rspec-support (~> 3.1.0)
    rspec-support (3.1.2)
    simplecov (0.9.1)
      docile (~> 1.1.0)
      multi_json (~> 1.0)
      simplecov-html (~> 0.8.0)
    simplecov-html (0.8.0)
    term-ansicolor (1.3.0)
      tins (~> 1.0)
    thor (0.19.1)
    timers (4.0.1)
      hitimes
    tins (1.3.3)

PLATFORMS
  java
  ruby

DEPENDENCIES
  cbor
  celluloid
  celluloid-io
  coap (~> 0.0.17.dev)!
  coveralls
  rack
  rake
  rspec
