GEM
  remote: https://rubygems.org/
  specs:
    celluloid (0.16.0.pre3)
      timers (~> 4.0.0)
    celluloid-io (0.16.0.pre2)
      celluloid (>= 0.16.0.pre)
      nio4r (>= 1.0.0)
    hitimes (1.2.2)
    nio4r (1.0.0)
    timers (4.0.0)
      hitimes

PLATFORMS
  ruby

DEPENDENCIES
  celluloid
  celluloid-io (~> 0.16.0.pre2)
