PATH
  remote: ../..
  specs:
    david (0.3.1.pre)
      celluloid-io (~> 0.16, >= 0.16.1)
      coap (~> 0.1)
      rack (~> 1.5)

PATH
  remote: ../../../coap
  specs:
    coap (0.1.0)
      celluloid-io (~> 0.16, >= 0.16.1)
      resolv-ipv6favor (~> 0)

GEM
  remote: https://rubygems.org/
  specs:
    celluloid (0.16.0)
      timers (~> 4.0.0)
    celluloid-io (0.16.1)
      celluloid (>= 0.16.0)
      nio4r (>= 1.0.0)
    hitimes (1.2.2)
    nio4r (1.1.0)
    rack (1.6.0)
    resolv-ipv6favor (0.0.0)
    timers (4.0.1)
      hitimes

PLATFORMS
  ruby

DEPENDENCIES
  celluloid-io
  coap!
  david!
