PATH
  remote: ../../coap
  specs:
    coap (0.1.0)
      celluloid-io (~> 0.16, >= 0.16.1)
      resolv-ipv6favor (~> 0)

GEM
  remote: https://rubygems.org/
  specs:
    benchmark-ips (2.1.1)
    celluloid (0.16.0)
      timers (~> 4.0.0)
    celluloid-io (0.16.1)
      celluloid (>= 0.16.0)
      nio4r (>= 1.0.0)
    hitimes (1.2.2)
    hitimes (1.2.2-java)
    nio4r (1.1.0)
    nio4r (1.1.0-java)
    rack (1.6.0)
    resolv-ipv6favor (0.0.0)
    timers (4.0.1)
      hitimes

PLATFORMS
  java
  ruby

DEPENDENCIES
  benchmark-ips
  coap!
  rack
