PATH
  remote: ../../coap
  specs:
    coap (0.1.5.pre)
      celluloid-io (~> 0.17.3)
      resolv-ipv6favor (~> 0)

GEM
  remote: https://rubygems.org/
  specs:
    benchmark-ips (2.7.2)
    celluloid (0.17.3)
      celluloid-essentials
      celluloid-extras
      celluloid-fsm
      celluloid-pool
      celluloid-supervision
      timers (>= 4.1.1)
    celluloid-essentials (0.20.5)
      timers (>= 4.1.1)
    celluloid-extras (0.20.5)
      timers (>= 4.1.1)
    celluloid-fsm (0.20.5)
      timers (>= 4.1.1)
    celluloid-io (0.17.3)
      celluloid (>= 0.17.2)
      nio4r (>= 1.1)
      timers (>= 4.1.1)
    celluloid-pool (0.20.5)
      timers (>= 4.1.1)
    celluloid-supervision (0.20.6)
      timers (>= 4.1.1)
    hitimes (1.2.6)
    hitimes (1.2.6-java)
    nio4r (2.3.0)
    nio4r (2.3.0-java)
    rack (2.0.4)
    resolv-ipv6favor (0.0.0)
    timers (4.1.2)
      hitimes

PLATFORMS
  java
  ruby

DEPENDENCIES
  benchmark-ips
  coap!
  rack

BUNDLED WITH
   1.16.1
